PATH
  remote: .
  specs:
    awsssh (3.0.0.rc1)
      aws-sdk (~> 2.2.0, >= 2.2.0)
      inifile (~> 3.0.0, >= 3.0.0)
      thor (~> 0.19.1, >= 0.19.1)

GEM
  remote: https://rubygems.org/
  specs:
    aws-sdk (2.2.14)
      aws-sdk-resources (= 2.2.14)
    aws-sdk-core (2.2.14)
      jmespath (~> 1.0)
    aws-sdk-resources (2.2.14)
      aws-sdk-core (= 2.2.14)
    coderay (1.1.0)
    diff-lcs (1.2.5)
    inifile (3.0.0)
    jmespath (1.1.3)
    method_source (0.8.2)
    pry (0.10.3)
      coderay (~> 1.1.0)
      method_source (~> 0.8.1)
      slop (~> 3.4)
    rspec (3.4.0)
      rspec-core (~> 3.4.0)
      rspec-expectations (~> 3.4.0)
      rspec-mocks (~> 3.4.0)
    rspec-core (3.4.2)
      rspec-support (~> 3.4.0)
    rspec-expectations (3.4.0)
      diff-lcs (>= 1.2.0, < 2.0)
      rspec-support (~> 3.4.0)
    rspec-mocks (3.4.1)
      diff-lcs (>= 1.2.0, < 2.0)
      rspec-support (~> 3.4.0)
    rspec-support (3.4.1)
    slop (3.6.0)
    thor (0.19.1)

PLATFORMS
  ruby

DEPENDENCIES
  awsssh!
  bundler (~> 1.8, >= 1.8.3)
  pry (~> 0.10.3, >= 0.10.3)
  rspec (~> 3.4.0, >= 3.4.0)
