GEM
  remote: https://rubygems.org/
  specs:
    inifile (2.0.2)
    net-ssh (2.7.0)

PLATFORMS
  ruby

DEPENDENCIES
  inifile
  net-ssh
